GEM
  remote: http://rubygems.org/
  specs:
    boson (1.2.4)
    haml (3.1.7)
    kgio (2.7.4)
    rack (1.4.1)
    rack-cache (1.2)
      rack (>= 0.4)
    rack-protection (1.2.0)
      rack
    raindrops (0.10.0)
    rdiscount (1.6.8)
    sass (3.2.1)
    sinatra (1.3.3)
      rack (~> 1.3, >= 1.3.6)
      rack-protection (~> 1.2)
      tilt (~> 1.3, >= 1.3.3)
    tilt (1.3.3)
    unicorn (4.3.1)
      kgio (~> 2.6)
      rack
      raindrops (~> 0.7)

PLATFORMS
  ruby

DEPENDENCIES
  boson
  haml
  rack-cache
  rdiscount
  sass
  sinatra
  tilt
  unicorn
